GEM
  remote: https://rubygems.org/
  specs:
    git (1.5.0)

PLATFORMS
  x86_64-linux

DEPENDENCIES
  git

BUNDLED WITH
   2.0.1
