GEM
  remote: https://rubygems.org/
  specs:
    git (1.5.0)

PLATFORMS
  x64-mingw32

DEPENDENCIES
  git

BUNDLED WITH
   2.0.1
