GEM
  remote: https://rubygems.org/
  specs:
    fileutils (1.2.0)
    rubyzip (1.2.2)

PLATFORMS
  ruby
  x86_64-linux

DEPENDENCIES
  fileutils
  rubyzip

BUNDLED WITH
   2.0.1
