PATH
  remote: .
  specs:
    jekyll-builder (0.1.0)

GEM
  remote: https://rubygems.org/
  specs:
    fileutils (1.2.0)
    rubyzip (1.2.2)
    zip (2.0.2)

PLATFORMS
  ruby

DEPENDENCIES
  fileutils
  jekyll-builder!
  rubyzip
  zip

BUNDLED WITH
   2.0.1
